PATH
  remote: .
  specs:
    logdna-rails (0.0.0)

GEM
  remote: https://rubygems.org/
  specs:

PLATFORMS
  ruby

DEPENDENCIES
  logdna-rails!

BUNDLED WITH
   1.17.3
